GEM
  remote: http://rubygems.org/
  specs:
    byebug (9.0.5)

PLATFORMS
  ruby

DEPENDENCIES
  byebug

BUNDLED WITH
   1.12.1
